PATH
  remote: .
  specs:
    rubio-radio (0.0.1)
      glimmer-dsl-libui

GEM
  remote: https://rubygems.org/
  specs:
    array_include_methods (1.4.0)
    chunky_png (1.4.0)
    color (1.8)
    equalizer (0.0.11)
    facets (3.1.0)
    glimmer (2.7.3)
      array_include_methods (~> 1.4.0)
      facets (>= 3.1.0, < 4.0.0)
    glimmer-dsl-libui (0.5.13)
      chunky_png (~> 1.4.0)
      color (~> 1.8)
      equalizer (= 0.0.11)
      glimmer (~> 2.7.3)
      libui (~> 0.0.15)
      os (>= 1.0.0, < 2.0.0)
      perfect-shape (~> 1.0.5)
      rouge (>= 3.26.0, < 4.0.0)
      super_module (~> 1.4.1)
    libui (0.0.15)
    matrix (0.4.2)
    method_source (1.0.0)
    minitest (5.15.0)
    os (1.1.4)
    perfect-shape (1.0.5)
      equalizer (>= 0.0.11, < 1.1.0)
      matrix (>= 0.4.2, < 1.1.0)
    rake (13.0.6)
    rouge (3.29.0)
    super_module (1.4.1)
      method_source (>= 0.8.2, < 1.1.0)

PLATFORMS
  x64-mingw-ucrt
  x86_64-darwin-19
  x86_64-linux

DEPENDENCIES
  minitest
  rake
  rubio-radio!

BUNDLED WITH
   2.3.15
